GEM
  remote: https://rubygems.org/
  specs:
    activemodel (7.0.3.1)
      activesupport (= 7.0.3.1)
    activesupport (7.0.3.1)
      concurrent-ruby (~> 1.0, >= 1.0.2)
      i18n (>= 1.6, < 2)
      minitest (>= 5.1)
      tzinfo (~> 2.0)
    addressable (2.8.0)
      public_suffix (>= 2.0.2, < 5.0)
    ast (2.4.2)
    climate_control (1.2.0)
    coderay (1.1.3)
    concurrent-ruby (1.1.10)
    crack (0.4.5)
      rexml
    diff-lcs (1.5.0)
    dotenv (2.7.6)
    factory_bot (6.2.1)
      activesupport (>= 5.0.0)
    faraday (1.10.0)
      faraday-em_http (~> 1.0)
      faraday-em_synchrony (~> 1.0)
      faraday-excon (~> 1.1)
      faraday-httpclient (~> 1.0)
      faraday-multipart (~> 1.0)
      faraday-net_http (~> 1.0)
      faraday-net_http_persistent (~> 1.0)
      faraday-patron (~> 1.0)
      faraday-rack (~> 1.0)
      faraday-retry (~> 1.0)
      ruby2_keywords (>= 0.0.4)
    faraday-em_http (1.0.0)
    faraday-em_synchrony (1.0.0)
    faraday-excon (1.1.0)
    faraday-httpclient (1.0.1)
    faraday-multipart (1.0.4)
      multipart-post (~> 2)
    faraday-net_http (1.0.1)
    faraday-net_http_persistent (1.2.0)
    faraday-patron (1.0.0)
    faraday-rack (1.0.0)
    faraday-retry (1.0.3)
    faraday_middleware (1.2.0)
      faraday (~> 1.0)
    ffaker (2.21.0)
    hashdiff (1.0.1)
    i18n (1.12.0)
      concurrent-ruby (~> 1.0)
    json_api_client (1.21.0)
      activemodel (>= 3.2.0)
      activesupport (>= 3.2.0)
      addressable (~> 2.2)
      faraday (>= 0.15.2, < 2.0)
      faraday_middleware (>= 0.9.0, < 2.0)
      rack (>= 0.2)
    method_source (1.0.0)
    minitest (5.16.2)
    multipart-post (2.2.3)
    parallel (1.21.0)
    parser (3.0.2.0)
      ast (~> 2.4.1)
    productive (0.6.53)
      json_api_client (~> 1.21)
      rack
      request_store (~> 1.3)
    pry (0.14.1)
      coderay (~> 1.1)
      method_source (~> 1.0)
    public_suffix (4.0.7)
    rack (2.2.4)
    rainbow (3.0.0)
    rake (13.0.6)
    regexp_parser (2.1.1)
    request_store (1.5.1)
      rack (>= 1.4)
    rexml (3.2.5)
    rspec (3.11.0)
      rspec-core (~> 3.11.0)
      rspec-expectations (~> 3.11.0)
      rspec-mocks (~> 3.11.0)
    rspec-core (3.11.0)
      rspec-support (~> 3.11.0)
    rspec-expectations (3.11.0)
      diff-lcs (>= 1.2.0, < 2.0)
      rspec-support (~> 3.11.0)
    rspec-mocks (3.11.0)
      diff-lcs (>= 1.2.0, < 2.0)
      rspec-support (~> 3.11.0)
    rspec-support (3.11.0)
    rubocop (1.20.0)
      parallel (~> 1.10)
      parser (>= 3.0.0.0)
      rainbow (>= 2.2.2, < 4.0)
      regexp_parser (>= 1.8, < 3.0)
      rexml
      rubocop-ast (>= 1.9.1, < 2.0)
      ruby-progressbar (~> 1.7)
      unicode-display_width (>= 1.4.0, < 3.0)
    rubocop-ast (1.12.0)
      parser (>= 3.0.1.1)
    rubocop-performance (1.11.5)
      rubocop (>= 1.7.0, < 2.0)
      rubocop-ast (>= 0.4.0)
    ruby-progressbar (1.11.0)
    ruby2_keywords (0.0.5)
    standard (1.3.0)
      rubocop (= 1.20.0)
      rubocop-performance (= 1.11.5)
    timecop (0.9.5)
    tzinfo (2.0.4)
      concurrent-ruby (~> 1.0)
    unicode-display_width (2.1.0)
    webmock (3.16.0)
      addressable (>= 2.8.0)
      crack (>= 0.3.2)
      hashdiff (>= 0.4.0, < 2.0.0)

PLATFORMS
  ruby

DEPENDENCIES
  climate_control
  dotenv
  factory_bot
  ffaker
  productive (~> 0.6.53)
  pry
  rake
  rspec
  standard
  timecop
  webmock

BUNDLED WITH
   2.1.4
